GEM
  remote: https://rubygems.org/
  specs:
    addressable (2.2.8)
    diff-lcs (1.1.3)
    dm-core (1.2.0)
      addressable (~> 2.2.6)
    dm-rspec (0.2.3)
      dm-core
      dm-validations
    dm-validations (1.2.0)
      dm-core (~> 1.2.0)
    json (1.7.7)
    mime-types (1.21)
    multi_json (1.5.0)
    nyan-cat-formatter (0.2.0)
    rack (1.4.1)
    rack-protection (1.3.2)
      rack
    rack-test (0.6.2)
      rack (>= 1.0)
    rake (10.0.3)
    rest-client (1.6.7)
      mime-types (>= 1.16)
    rspec (2.12.0)
      rspec-core (~> 2.12.0)
      rspec-expectations (~> 2.12.0)
      rspec-mocks (~> 2.12.0)
    rspec-core (2.12.2)
    rspec-expectations (2.12.1)
      diff-lcs (~> 1.1.3)
    rspec-mocks (2.12.1)
    simplecov (0.7.1)
      multi_json (~> 1.0)
      simplecov-html (~> 0.7.1)
    simplecov-html (0.7.1)
    sinatra (1.3.3)
      rack (~> 1.3, >= 1.3.6)
      rack-protection (~> 1.2)
      tilt (~> 1.3, >= 1.3.3)
    tilt (1.3.3)
    webrick (1.3.1)

PLATFORMS
  ruby

DEPENDENCIES
  dm-rspec
  json
  nyan-cat-formatter
  rack-test
  rake
  rest-client
  rspec
  simplecov
  sinatra
  webrick (= 1.3.1)
